GIT
  remote: git://github.com/kabobbob/rubyrss.git
  revision: 9518c0c9bdc4cf1332712b694ed10c22a6479119
  specs:
    rubyrss (1.1)

GEM
  remote: http://rubygems.org/
  specs:
    actionmailer (2.3.5)
      actionpack (= 2.3.5)
    actionpack (2.3.5)
      activesupport (= 2.3.5)
      rack (~> 1.0.0)
    activerecord (2.3.5)
      activesupport (= 2.3.5)
    activeresource (2.3.5)
      activesupport (= 2.3.5)
    activesupport (2.3.5)
    authlogic (2.1.6)
      activesupport
    crack (0.1.6)
    hashie (0.4.0)
    httparty (0.5.2)
      crack (= 0.1.6)
    json (1.4.6)
    mash (0.1.1)
    mime-types (1.16)
    mini_fb (1.1.7)
      hashie
      rest-client
    oauth (0.4.4)
    rack (1.0.1)
    rails (2.3.5)
      actionmailer (= 2.3.5)
      actionpack (= 2.3.5)
      activerecord (= 2.3.5)
      activeresource (= 2.3.5)
      activesupport (= 2.3.5)
      rake (>= 0.8.3)
    rake (0.8.7)
    rest-client (1.6.1)
      mime-types (>= 1.16)
    simple-rss (1.2.3)
    twitter (0.6.3)
      httparty (>= 0.4.2)
      mash
      oauth
    url_shortener (0.0.7)
      hashie (~> 0.4.0)
      httparty (~> 0.5.0)
    validates_email_format_of (1.4.5)
    will_paginate (2.3.15)

PLATFORMS
  ruby

DEPENDENCIES
  authlogic
  json
  mini_fb
  rails (= 2.3.5)
  rubyrss!
  simple-rss
  twitter
  url_shortener
  validates_email_format_of
  will_paginate
